GEM
  remote: https://rubygems.org/
  specs:
    asciidoctor (2.0.23)

PLATFORMS
  ruby
  x86_64-linux

DEPENDENCIES
  asciidoctor (~> 2.0)

BUNDLED WITH
   2.6.7
